GEM
  remote: http://rubygems.org/
  specs:
    activemodel (4.0.3)
      activesupport (= 4.0.3)
      builder (~> 3.1.0)
    activesupport (4.0.3)
      i18n (~> 0.6, >= 0.6.4)
      minitest (~> 4.2)
      multi_json (~> 1.3)
      thread_safe (~> 0.1)
      tzinfo (~> 0.3.37)
    akami (1.2.1)
      gyoku (>= 0.4.0)
      nokogiri
    atomic (1.1.15)
    builder (3.1.4)
    diff-lcs (1.2.5)
    guid (0.1.1)
    gyoku (1.1.1)
      builder (>= 2.1.2)
    httpi (2.1.0)
      rack
      rubyntlm (~> 0.3.2)
    i18n (0.6.9)
    mime-types (1.25.1)
    mini_portile (0.5.2)
    minitest (4.7.5)
    multi_json (1.9.0)
    nokogiri (1.6.1)
      mini_portile (~> 0.5.0)
    nori (2.3.0)
    rack (1.5.2)
    rake (10.1.1)
    rspec (2.14.1)
      rspec-core (~> 2.14.0)
      rspec-expectations (~> 2.14.0)
      rspec-mocks (~> 2.14.0)
    rspec-core (2.14.8)
    rspec-expectations (2.14.5)
      diff-lcs (>= 1.1.3, < 2.0)
    rspec-mocks (2.14.6)
    rubyntlm (0.3.4)
    savon (2.3.3)
      akami (~> 1.2.0)
      builder (>= 2.1.2)
      gyoku (~> 1.1.0)
      httpi (~> 2.1.0)
      nokogiri (>= 1.4.0)
      nori (~> 2.3.0)
      wasabi (~> 3.2.2)
    simple_gem (1.1.0)
      activesupport (>= 3.0)
      rake (>= 0.8.7)
    thread_safe (0.2.0)
      atomic (>= 1.1.7, < 2)
    tzinfo (0.3.39)
    wasabi (3.2.3)
      httpi (~> 2.0)
      mime-types (< 2.0.0)
      nokogiri (>= 1.4.0)

PLATFORMS
  ruby

DEPENDENCIES
  activemodel
  activesupport
  guid
  rspec (~> 2.8)
  savon (~> 2.3.0)
  simple_gem
